Brain Vision Data Exchange Header File Version 1.0
; Written using pybv 0.7.5

[Common Infos]
Codepage=UTF-8
DataFile=sub-0001_ses-4_task-positive_run-12_eeg.eeg
MarkerFile=sub-0001_ses-4_task-positive_run-12_eeg.vmrk
DataFormat=BINARY
; Data orientation: MULTIPLEXED=ch1,pt1, ch2,pt1 ...
DataOrientation=MULTIPLEXED
NumberOfChannels=31
; Sampling interval in microseconds
SamplingInterval=2000.0

[Binary Infos]
BinaryFormat=IEEE_FLOAT_32

[Channel Infos]
; Each entry: Ch<Channel number>=<Name>,<Reference channel name>,
; <Resolution in "Unit">,<Unit>, Future extensions..
; Fields are delimited by commas, some fields might be omitted (empty).
; Commas in channel names are coded as "\1".
Ch1=C3,,0.1,µV
Ch2=C4,,0.1,µV
Ch3=Cz,,0.1,µV
Ch4=EKG1,,0.1,µV
Ch5=EKG2,,0.1,µV
Ch6=F10,,0.1,µV
Ch7=F3,,0.1,µV
Ch8=F4,,0.1,µV
Ch9=F7,,0.1,µV
Ch10=F8,,0.1,µV
Ch11=F9,,0.1,µV
Ch12=Fp1,,0.1,µV
Ch13=Fp2,,0.1,µV
Ch14=Fz,,0.1,µV
Ch15=LOC,,0.1,µV
Ch16=O1,,0.1,µV
Ch17=O2,,0.1,µV
Ch18=P10,,0.1,µV
Ch19=P3,,0.1,µV
Ch20=P4,,0.1,µV
Ch21=P9,,0.1,µV
Ch22=Pz,,0.1,µV
Ch23=ROC,,0.1,µV
Ch24=T1,,0.1,µV
Ch25=T10,,0.1,µV
Ch26=T2,,0.1,µV
Ch27=T3,,0.1,µV
Ch28=T4,,0.1,µV
Ch29=T5,,0.1,µV
Ch30=T6,,0.1,µV
Ch31=T9,,0.1,µV

[Comment]

